GEM
  remote: https://rubygems.org/
  specs:
    base64 (0.2.0)
    dotenv (3.1.2)
    multi_json (1.15.0)
    mustermann (3.0.0)
      ruby2_keywords (~> 0.0.1)
    nio4r (2.7.3)
    puma (6.4.2)
      nio4r (~> 2.0)
    rack (3.0.11)
    rack-protection (4.0.0)
      base64 (>= 0.1.0)
      rack (>= 3.0.0, < 4)
    rack-session (2.0.0)
      rack (>= 3.0.0)
    rackup (2.1.0)
      rack (>= 3)
      webrick (~> 1.8)
    ruby2_keywords (0.0.5)
    sinatra (4.0.0)
      mustermann (~> 3.0)
      rack (>= 3.0.0, < 4)
      rack-protection (= 4.0.0)
      rack-session (>= 2.0.0, < 3)
      tilt (~> 2.0)
    sinatra-contrib (4.0.0)
      multi_json (>= 0.0.2)
      mustermann (~> 3.0)
      rack-protection (= 4.0.0)
      sinatra (= 4.0.0)
      tilt (~> 2.0)
    sinatra-reloader (1.0)
      sinatra-contrib
    sqlite3 (2.0.3-x64-mingw-ucrt)
    tilt (2.3.0)
    webrick (1.8.1)

PLATFORMS
  x64-mingw-ucrt

DEPENDENCIES
  dotenv (~> 3.1, >= 3.1.2)
  puma (~> 6.4, >= 6.4.2)
  rackup (~> 2.1)
  sinatra (~> 4.0)
  sinatra-reloader (~> 1.0)
  sqlite3 (~> 2.0, >= 2.0.2)

BUNDLED WITH
   2.5.10
